GEM
  remote: http://rubygems.org/
  specs:
    byebug (6.0.2)
    faker (1.5.0)
      i18n (~> 0.5)
    i18n (0.7.0)
    sqlite3 (1.3.11)

PLATFORMS
  ruby

DEPENDENCIES
  byebug
  faker
  sqlite3

BUNDLED WITH
   1.10.6
